GEM
  remote: http://rubygems.org/
  specs:
    diff-lcs (1.1.3)
    pg (0.14.0)
    rack (1.4.1)
    rack-protection (1.2.0)
      rack
    rack-test (0.6.1)
      rack (>= 1.0)
    rspec (2.8.0)
      rspec-core (~> 2.8.0)
      rspec-expectations (~> 2.8.0)
      rspec-mocks (~> 2.8.0)
    rspec-core (2.8.0)
    rspec-expectations (2.8.0)
      diff-lcs (~> 1.1.2)
    rspec-mocks (2.8.0)
    sequel (3.31.0)
    sinatra (1.3.2)
      rack (~> 1.3, >= 1.3.6)
      rack-protection (~> 1.2)
      tilt (~> 1.3, >= 1.3.3)
    sinatra-sequel (0.9.0)
      sequel (>= 3.2.0)
      sinatra (>= 0.9.4)
    slim (1.2.2)
      temple (~> 0.4.0)
      tilt (~> 1.3.3)
    sqlite3 (1.3.5)
    temple (0.4.0)
    tilt (1.3.3)

PLATFORMS
  ruby

DEPENDENCIES
  pg
  rack-test
  rspec
  sinatra (>= 1.1.2)
  sinatra-sequel
  slim
  sqlite3
